PATH
  remote: .
  specs:
    rubychem (1.0.2)

GEM
  remote: http://rubygems.org/
  specs:

PLATFORMS
  ruby

DEPENDENCIES
  rubychem!
